GEM
  remote: http://rubygems.org/
  specs:
    activesupport (3.0.8)
    builder (3.0.0)
    git (1.2.5)
    gyoku (0.4.4)
      builder (>= 2.1.2)
    httpi (0.9.4)
      pyu-ntlm-http (>= 0.1.3.1)
      rack
    i18n (0.6.0)
    jeweler (1.5.2)
      bundler (~> 1.0.0)
      git (>= 1.2.5)
      rake
    nokogiri (1.4.4)
    nori (0.2.3)
    pyu-ntlm-http (0.1.3.1)
    rack (1.1.2)
    rake (0.8.7)
    rcov (0.9.9)
    savon (0.9.2)
      builder (>= 2.1.2)
      gyoku (>= 0.4.0)
      httpi (>= 0.7.8)
      nokogiri (>= 1.4.0)
      nori (>= 0.2.0)
    shoulda (2.11.3)

PLATFORMS
  ruby

DEPENDENCIES
  activesupport (>= 2.3.5)
  bundler (~> 1.0.0)
  httpi (= 0.9.4)
  i18n
  jeweler (~> 1.5.2)
  rack (~> 1.1.2)
  rake (= 0.8.7)
  rcov
  savon (~> 0.9.2)
  shoulda
